GEM
  remote: https://rubygems.org/
  specs:
    minitest (5.4.0)
    pg (0.17.1)
    rake (10.3.2)

PLATFORMS
  ruby

DEPENDENCIES
  minitest
  pg
  rake
